GEM
  remote: https://rubygems.org/
  specs:
    airbrussh (1.5.3)
      sshkit (>= 1.6.1, != 1.7.0)
    base64 (0.2.0)
    bcrypt_pbkdf (1.1.1)
    bcrypt_pbkdf (1.1.1-arm64-darwin)
    bcrypt_pbkdf (1.1.1-x86_64-darwin)
    capistrano (3.19.2)
      airbrussh (>= 1.0.0)
      i18n
      rake (>= 10.0.0)
      sshkit (>= 1.9.0)
    capistrano-bundler (2.1.1)
      capistrano (~> 3.1)
    capistrano-rails (1.7.0)
      capistrano (~> 3.1)
      capistrano-bundler (>= 1.1, < 3)
    capistrano-rvm (0.1.2)
      capistrano (~> 3.0)
      sshkit (~> 1.2)
    capistrano-sidekiq (3.0.0)
      capistrano (>= 3.9.0)
      capistrano-bundler
      sidekiq (>= 6.0.6)
    capistrano3-puma (6.0.0)
      capistrano (~> 3.7)
      capistrano-bundler
      puma (>= 5.1, < 7.0)
    chronic (0.10.2)
    concurrent-ruby (1.3.5)
    connection_pool (2.5.0)
    ed25519 (1.3.0)
    i18n (1.14.7)
      concurrent-ruby (~> 1.0)
    json (2.10.2)
    logger (1.6.6)
    net-scp (4.1.0)
      net-ssh (>= 2.6.5, < 8.0.0)
    net-sftp (4.0.0)
      net-ssh (>= 5.0.0, < 8.0.0)
    net-ssh (7.3.0)
    nio4r (2.7.4)
    ostruct (0.6.1)
    puma (6.6.0)
      nio4r (~> 2.0)
    rack (3.1.12)
    rake (13.2.1)
    redis-client (0.24.0)
      connection_pool
    rollbar (3.6.1)
    sidekiq (8.0.1)
      connection_pool (>= 2.5.0)
      json (>= 2.9.0)
      logger (>= 1.6.2)
      rack (>= 3.1.0)
      redis-client (>= 0.23.2)
    sshkit (1.24.0)
      base64
      logger
      net-scp (>= 1.1.2)
      net-sftp (>= 2.1.2)
      net-ssh (>= 2.8.0)
      ostruct
    whenever (1.0.0)
      chronic (>= 0.6.3)

PLATFORMS
  aarch64-linux-musl
  arm64-darwin
  ruby
  x86_64-darwin

DEPENDENCIES
  bcrypt_pbkdf (~> 1.1.0)
  capistrano (~> 3.19)
  capistrano-bundler (~> 2.1)
  capistrano-rails (~> 1.7)
  capistrano-rvm (~> 0.1.2)
  capistrano-sidekiq (~> 3.0)
  capistrano3-puma (~> 6.0)
  ed25519 (~> 1.3)
  rake
  rollbar (~> 3.6)
  whenever (~> 1.0.0)

BUNDLED WITH
   2.6.5
